GEM
  specs:
    awesome_print (1.2.0)

PLATFORMS
  ruby

DEPENDENCIES
  awesome_print
